PATH
  remote: ../sony_ci_api_rewrite
  specs:
    sony_ci_api (0.1.0)
      activesupport
      faraday (~> 1.3.0)
      faraday_middleware

GEM
  remote: https://rubygems.org/
  specs:
    activesupport (7.1.3.2)
      base64
      bigdecimal
      concurrent-ruby (~> 1.0, >= 1.0.2)
      connection_pool (>= 2.2.5)
      drb
      i18n (>= 1.6, < 2)
      minitest (>= 5.1)
      mutex_m
      tzinfo (~> 2.0)
    base64 (0.2.0)
    bigdecimal (3.1.8)
    concurrent-ruby (1.2.3)
    connection_pool (2.4.1)
    drb (2.2.1)
    faraday (1.3.1)
      faraday-net_http (~> 1.0)
      multipart-post (>= 1.2, < 3)
      ruby2_keywords (>= 0.0.4)
    faraday-net_http (1.0.1)
    faraday_middleware (1.2.0)
      faraday (~> 1.0)
    i18n (1.14.5)
      concurrent-ruby (~> 1.0)
    minitest (5.22.3)
    multipart-post (2.4.1)
    mutex_m (0.2.0)
    ruby2_keywords (0.0.5)
    thor (1.3.1)
    tzinfo (2.0.6)
      concurrent-ruby (~> 1.0)

PLATFORMS
  ruby

DEPENDENCIES
  sony_ci_api!
  thor

BUNDLED WITH
   2.3.25
